{
    "TaskName": "ictal",
    "Manufacturer": "n/a",
    "PowerLineFrequency": 60,
    "SamplingFrequency": 1000.0000000000001,
    "SoftwareFilters": "n/a",
    "RecordingDuration": 241.15399999999997,
    "RecordingType": "continuous",
    "iEEGReference": "n/a",
    "ECOGChannelCount": 79,
    "SEEGChannelCount": 0,
    "EEGChannelCount": 0,
    "EOGChannelCount": 0,
    "ECGChannelCount": 0,
    "EMGChannelCount": 0,
    "MiscChannelCount": 9,
    "TriggerChannelCount": 0
}
