{
    "TaskName": "ictal",
    "Manufacturer": "n/a",
    "PowerLineFrequency": 60,
    "SamplingFrequency": 999.9999999999999,
    "SoftwareFilters": "n/a",
    "RecordingDuration": 393.189,
    "RecordingType": "continuous",
    "iEEGReference": "n/a",
    "ECOGChannelCount": 105,
    "SEEGChannelCount": 0,
    "EEGChannelCount": 0,
    "EOGChannelCount": 0,
    "ECGChannelCount": 0,
    "EMGChannelCount": 0,
    "MiscChannelCount": 6,
    "TriggerChannelCount": 0
}
