{
    "TaskName": "ictal",
    "Manufacturer": "n/a",
    "PowerLineFrequency": 60,
    "SamplingFrequency": 1024.5997950800408,
    "SoftwareFilters": "n/a",
    "RecordingDuration": 257.23311800917435,
    "RecordingType": "continuous",
    "iEEGReference": "n/a",
    "ECOGChannelCount": 42,
    "SEEGChannelCount": 0,
    "EEGChannelCount": 0,
    "EOGChannelCount": 0,
    "ECGChannelCount": 0,
    "EMGChannelCount": 0,
    "MiscChannelCount": 5,
    "TriggerChannelCount": 0
}
