{
    "TaskName": "ictal",
    "Manufacturer": "n/a",
    "PowerLineFrequency": 60,
    "SamplingFrequency": 249.85355222464145,
    "SoftwareFilters": "n/a",
    "RecordingDuration": 240.99317165546216,
    "RecordingType": "continuous",
    "iEEGReference": "n/a",
    "ECOGChannelCount": 126,
    "SEEGChannelCount": 0,
    "EEGChannelCount": 0,
    "EOGChannelCount": 0,
    "ECGChannelCount": 0,
    "EMGChannelCount": 0,
    "MiscChannelCount": 3,
    "TriggerChannelCount": 0
}
