{
    "TaskName": "ictal",
    "Manufacturer": "n/a",
    "PowerLineFrequency": 60,
    "SamplingFrequency": 999.4121105232217,
    "SoftwareFilters": "n/a",
    "RecordingDuration": 349.35037941176466,
    "RecordingType": "continuous",
    "iEEGReference": "n/a",
    "ECOGChannelCount": 126,
    "SEEGChannelCount": 0,
    "EEGChannelCount": 0,
    "EOGChannelCount": 0,
    "ECGChannelCount": 0,
    "EMGChannelCount": 0,
    "MiscChannelCount": 3,
    "TriggerChannelCount": 0
}
