{
    "TaskName": "ictal",
    "Manufacturer": "n/a",
    "PowerLineFrequency": 60,
    "SamplingFrequency": 499.7071044492829,
    "SoftwareFilters": "n/a",
    "RecordingDuration": 174.31611282773108,
    "RecordingType": "continuous",
    "iEEGReference": "n/a",
    "ECOGChannelCount": 126,
    "SEEGChannelCount": 0,
    "EEGChannelCount": 0,
    "EOGChannelCount": 0,
    "ECGChannelCount": 0,
    "EMGChannelCount": 0,
    "MiscChannelCount": 3,
    "TriggerChannelCount": 0
}
