{
    "TaskName": "ictal",
    "Manufacturer": "n/a",
    "PowerLineFrequency": 60,
    "SamplingFrequency": 1000.0,
    "SoftwareFilters": "n/a",
    "RecordingDuration": 229.079,
    "RecordingType": "continuous",
    "iEEGReference": "n/a",
    "ECOGChannelCount": 126,
    "SEEGChannelCount": 0,
    "EEGChannelCount": 0,
    "EOGChannelCount": 0,
    "ECGChannelCount": 0,
    "EMGChannelCount": 0,
    "MiscChannelCount": 6,
    "TriggerChannelCount": 0
}
